GEM
  remote: http://rubygems.org/
  specs:
    binding_of_caller (0.6.7)
    coderay (1.0.6)
    diff-lcs (1.1.3)
    method_source (0.7.1)
    plymouth (0.3.2)
      pry-exception_explorer (>= 0.1.7)
    pry (0.9.9.4)
      coderay (~> 1.0.5)
      method_source (~> 0.7.1)
      slop (>= 2.4.4, < 3)
    pry-exception_explorer (0.1.9)
      pry-stack_explorer (>= 0.3.9)
    pry-nav (0.2.1)
      pry (~> 0.9.9)
    pry-stack_explorer (0.4.2)
      binding_of_caller (~> 0.6.2)
      pry (~> 0.9.9)
    rspec (2.10.0)
      rspec-core (~> 2.10.0)
      rspec-expectations (~> 2.10.0)
      rspec-mocks (~> 2.10.0)
    rspec-core (2.10.0)
    rspec-expectations (2.10.0)
      diff-lcs (~> 1.1.3)
    rspec-mocks (2.10.1)
    slop (2.4.4)

PLATFORMS
  ruby

DEPENDENCIES
  plymouth
  pry
  pry-nav
  rspec
